GEM
  remote: https://rubygems.org/
  specs:
    mini_portile2 (2.8.1)
    nokogiri (1.14.3)
      mini_portile2 (~> 2.8.0)
      racc (~> 1.4)
    plist (3.6.0)
    racc (1.6.2)

PLATFORMS
  ruby

DEPENDENCIES
  nokogiri
  plist

BUNDLED WITH
   2.2.32
